PATH
  remote: .
  specs:
    travanto (0.0.1)
      typhoeus (>= 0.6.3)

GEM
  remote: https://rubygems.org/
  specs:
    ethon (0.7.3)
      ffi (>= 1.3.0)
    ffi (1.9.8)
    minitest (4.7.5)
    rake (10.1.0)
    typhoeus (0.7.1)
      ethon (>= 0.7.1)

PLATFORMS
  ruby

DEPENDENCIES
  bundler (~> 1.3)
  minitest (~> 4.7.3)
  rake
  travanto!
