PATH
  remote: .
  specs:
    travanto (0.0.1)
      typhoeus (~> 0.6.3)

GEM
  remote: https://rubygems.org/
  specs:
    ethon (0.5.12)
      ffi (>= 1.3.0)
      mime-types (~> 1.18)
    ffi (1.9.0)
    mime-types (1.23)
    minitest (4.7.5)
    rake (10.1.0)
    typhoeus (0.6.3)
      ethon (~> 0.5.11)

PLATFORMS
  ruby

DEPENDENCIES
  bundler (~> 1.3)
  minitest (~> 4.7.3)
  rake
  travanto!
